GEM
  remote: https://rubygems.org/
  specs:
    azure-storage-common (2.0.2)
      faraday (~> 1.0)
      faraday_middleware (~> 1.0.0.rc1)
      net-http-persistent (~> 4.0)
      nokogiri (~> 1.11.0.rc2)
    azure-storage-queue (2.0.2)
      azure-storage-common (~> 2.0)
      nokogiri (~> 1.11.0.rc2)
    connection_pool (2.2.5)
    faraday (1.4.2)
      faraday-em_http (~> 1.0)
      faraday-em_synchrony (~> 1.0)
      faraday-excon (~> 1.1)
      faraday-net_http (~> 1.0)
      faraday-net_http_persistent (~> 1.1)
      multipart-post (>= 1.2, < 3)
      ruby2_keywords (>= 0.0.4)
    faraday-em_http (1.0.0)
    faraday-em_synchrony (1.0.0)
    faraday-excon (1.1.0)
    faraday-net_http (1.0.1)
    faraday-net_http_persistent (1.1.0)
    faraday_middleware (1.0.0)
      faraday (~> 1.0)
    multipart-post (2.1.1)
    net-http-persistent (4.0.1)
      connection_pool (~> 2.2)
    nokogiri (1.11.5-x86_64-darwin)
      racc (~> 1.4)
    racc (1.5.2)
    ruby2_keywords (0.0.4)

PLATFORMS
  x86_64-darwin-19

DEPENDENCIES
  azure-storage-queue

BUNDLED WITH
   2.2.3
